GEM
  remote: https://rubygems.org/
  specs:
    erubis (2.7.0)
    rack (2.0.7)
    roda (3.26.0)
      rack
    tilt (2.0.10)

PLATFORMS
  ruby

DEPENDENCIES
  erubis (~> 2.7)
  roda (~> 3.26.0)
  tilt (~> 2.0, >= 2.0.8)

BUNDLED WITH
   2.0.2
