GEM
  remote: https://rubygems.org/
  specs:
    ast (2.4.0)
    bcrypt (3.1.13)
    diff-lcs (1.3)
    dotenv (2.7.5)
    dry-inflector (0.2.0)
    erubis (2.7.0)
    jaro_winkler (1.5.4)
    parallel (1.19.1)
    parser (2.6.5.0)
      ast (~> 2.4.0)
    pg (0.18.4)
    rack (2.2.6.3)
    rack-protection (1.5.5)
      rack
    rack-test (1.1.0)
      rack (>= 1.0, < 3)
    rack_csrf (2.5.0)
      rack (>= 1.1.0)
    rainbow (3.0.0)
    rake (13.0.1)
    roda (3.26.0)
      rack
    rspec (3.9.0)
      rspec-core (~> 3.9.0)
      rspec-expectations (~> 3.9.0)
      rspec-mocks (~> 3.9.0)
    rspec-core (3.9.0)
      rspec-support (~> 3.9.0)
    rspec-expectations (3.9.0)
      diff-lcs (>= 1.2.0, < 2.0)
      rspec-support (~> 3.9.0)
    rspec-its (1.2.0)
      rspec-core (>= 3.0.0)
      rspec-expectations (>= 3.0.0)
    rspec-mocks (3.9.0)
      diff-lcs (>= 1.2.0, < 2.0)
      rspec-support (~> 3.9.0)
    rspec-roda (0.2.2)
      dry-inflector
      rack-test (~> 1.0)
      roda
      rspec (~> 3.7)
      rspec-its (~> 1.2.0)
    rspec-support (3.9.0)
    rubocop (0.77.0)
      jaro_winkler (~> 1.5.1)
      parallel (~> 1.10)
      parser (>= 2.6)
      rainbow (>= 2.2.2, < 4.0)
      ruby-progressbar (~> 1.7)
      unicode-display_width (>= 1.4.0, < 1.7)
    rubocop-performance (1.5.1)
      rubocop (>= 0.71.0)
    ruby-progressbar (1.10.1)
    sequel (4.49.0)
    tilt (2.0.10)
    unicode-display_width (1.6.0)

PLATFORMS
  ruby

DEPENDENCIES
  bcrypt (~> 3.1.10)
  dotenv (~> 2.1, >= 2.1.1)
  erubis (~> 2.7)
  pg (~> 0.18.4)
  rack-protection (~> 1.5.3)
  rack_csrf (~> 2.5.0)
  rake
  roda (~> 3.26.0)
  rspec-roda
  rubocop
  rubocop-performance
  sequel (~> 4.21)
  tilt (~> 2.0, >= 2.0.8)

BUNDLED WITH
   2.0.2
